GIT
  remote: git://github.com/Sweetist/quickbooks-ruby.git
  revision: 9ce907e6a199b631509a5cd4c616ac2cfe4d6b77
  branch: v1-3-stable
  specs:
    quickbooks-ruby (0.4.6)
      activemodel
      multipart-post
      nokogiri
      oauth (= 0.4.7)
      roxml (= 3.3.1)

GIT
  remote: git://github.com/Sweetist/spree-product-assembly.git
  revision: e577777f3894b979970bd2f38cf863100914fc25
  branch: 3-0-stable-getsweet
  specs:
    spree_product_assembly (3.0.0)
      spree_backend (~> 3.0)

GIT
  remote: git://github.com/Sweetist/spree_active_shipping.git
  revision: 9fcaf6f1e59c0ff6bd5459b49a473afa7852ae19
  branch: 3-0-stable-getsweet
  specs:
    spree_active_shipping (3.0.0.beta)
      active_shipping (~> 1.4.2)
      spree_core (~> 3.0.0)

GIT
  remote: git://github.com/Sweetist/spree_static_content.git
  revision: 29031b798f5e9045ed56f87cf4561f9f2c794b5e
  branch: 3-0-stable-getsweet
  specs:
    spree_static_content (3.0.1)
      spree_core (~> 3.0.0)

GIT
  remote: git://github.com/Sweetist/spree_wombat.git
  revision: 2fb3456c51ee54ef41c466d844ec1e5239ba3118
  branch: feature_shopify
  specs:
    spree_wombat (3.3.1)
      active_model_serializers (~> 0.8.3)
      httparty
      rake (< 11.0)
      spree_core (~> 3.0.0.alpha)

GIT
  remote: git://github.com/misteral/ajax-datatables-rails.git
  revision: c5ba120ed0d5157d4df99da43d7f13a1cf680a8f
  specs:
    ajax-datatables-rails (0.4.0)
      railties (>= 4.2)

GIT
  remote: git://github.com/misteral/hub_samples.git
  revision: 6e223ca73e288c9995c5815ebbd70729098a561c
  branch: master
  specs:
    hub_samples (1.0)
      bson_ext (>= 1.5.0)

GIT
  remote: git://github.com/misteral/secondbase.git
  revision: 6e9584e20fdd30de20576d1ee7e2070569623ccf
  specs:
    secondbase (2.1.2)
      rails (>= 4.0)

GIT
  remote: git://github.com/spree/spree_auth_devise.git
  revision: 7b24ad16239367dc15f96a80cc2a954a822cc6af
  branch: 3-0-stable
  specs:
    spree_auth_devise (3.0.0)
      devise (~> 3.4.1)
      devise-encryptable (= 0.1.2)
      json
      multi_json
      spree_core (~> 3.0.0)

GIT
  remote: git://github.com/spree/spree_gateway.git
  revision: 3cb02b0b3a45be5f4ace9d9295ffb3c11864e605
  branch: 3-0-stable
  specs:
    spree_gateway (3.0.0)
      spree_core (~> 3.0.0)

GIT
  remote: git://github.com/sweetist/commontator.git
  revision: 03ac98baf0839a7ee5e235bda15edbe5eaf99a36
  branch: fix_threads
  specs:
    commontator (4.11.1)
      jquery-rails
      rails (>= 3.1)

GIT
  remote: git://github.com/sweetist/spree.git
  revision: 27f78236dbbcc03787a3616bdecfc01d6e2f0416
  branch: 3-0-get-sweet
  specs:
    spree (3.0.5.beta)
      spree_api (= 3.0.5.beta)
      spree_backend (= 3.0.5.beta)
      spree_cmd (= 3.0.5.beta)
      spree_core (= 3.0.5.beta)
      spree_frontend (= 3.0.5.beta)
      spree_sample (= 3.0.5.beta)
    spree_api (3.0.5.beta)
      rabl (~> 0.11.6)
      spree_core (= 3.0.5.beta)
      versioncake (~> 2.3.1)
    spree_backend (3.0.5.beta)
      bootstrap-sass (~> 3.3.1)
      jquery-rails (~> 4.0.3)
      jquery-ui-rails (~> 5.0.0)
      select2-rails (= 3.5.9.1)
      spree_api (= 3.0.5.beta)
      spree_core (= 3.0.5.beta)
      sprockets-rails (~> 3.2)
    spree_cmd (3.0.5.beta)
      thor (~> 0.14)
    spree_core (3.0.5.beta)
      activemerchant (~> 1.78.0)
      acts_as_list (~> 0.6)
      awesome_nested_set (~> 3.0.1)
      cancancan (~> 1.10.1)
      carmen (~> 1.0.0)
      deface (~> 1.0.0)
      ffaker (~> 1.16)
      friendly_id (~> 5.1.0)
      highline (~> 1.6.18)
      json (~> 1.7)
      kaminari (~> 0.15, >= 0.15.1)
      monetize (~> 1.1)
      paperclip (~> 4.2.0)
      paranoia (~> 2.1.0)
      premailer-rails
      rails (~> 4.2.2)
      ransack (~> 1.4.1)
      responders
      state_machines-activerecord (~> 0.2)
      stringex
      truncate_html (= 0.9.2)
      twitter_cldr (~> 3.0)
    spree_frontend (3.0.5.beta)
      bootstrap-sass (~> 3.3.1)
      canonical-rails (~> 0.0.4)
      jquery-rails (~> 4.0.3)
      spree_api (= 3.0.5.beta)
      spree_core (= 3.0.5.beta)
      sprockets-rails (~> 3.2)
    spree_sample (3.0.5.beta)
      spree_core (= 3.0.5.beta)

GEM
  remote: https://rubygems.org/
  specs:
    abstract_type (0.0.7)
    actionmailer (4.2.9)
      actionpack (= 4.2.9)
      actionview (= 4.2.9)
      activejob (= 4.2.9)
      mail (~> 2.5, >= 2.5.4)
      rails-dom-testing (~> 1.0, >= 1.0.5)
    actionpack (4.2.9)
      actionview (= 4.2.9)
      activesupport (= 4.2.9)
      rack (~> 1.6)
      rack-test (~> 0.6.2)
      rails-dom-testing (~> 1.0, >= 1.0.5)
      rails-html-sanitizer (~> 1.0, >= 1.0.2)
    actionview (4.2.9)
      activesupport (= 4.2.9)
      builder (~> 3.1)
      erubis (~> 2.7.0)
      rails-dom-testing (~> 1.0, >= 1.0.5)
      rails-html-sanitizer (~> 1.0, >= 1.0.3)
    active_model_serializers (0.8.4)
      activemodel (>= 3.0)
    active_shipping (1.4.3)
      active_utils (~> 3.0.0)
      activesupport (>= 3.2, < 5.0.0)
      nokogiri (>= 1.6)
      quantified (~> 1.0.1)
    active_utils (3.0.0)
      activesupport (>= 3.2)
      i18n
    activejob (4.2.9)
      activesupport (= 4.2.9)
      globalid (>= 0.3.0)
    activemerchant (1.78.0)
      activesupport (>= 3.2.14, < 6.x)
      builder (>= 2.1.2, < 4.0.0)
      i18n (>= 0.6.9)
      nokogiri (~> 1.4)
    activemodel (4.2.9)
      activesupport (= 4.2.9)
      builder (~> 3.1)
    activerecord (4.2.9)
      activemodel (= 4.2.9)
      activesupport (= 4.2.9)
      arel (~> 6.0)
    activerecord4-redshift-adapter (0.2.1)
      activerecord (~> 4.2.0)
      pg
    activesupport (4.2.9)
      i18n (~> 0.7)
      minitest (~> 5.1)
      thread_safe (~> 0.3, >= 0.3.4)
      tzinfo (~> 1.1)
    acts_as_list (0.9.15)
      activerecord (>= 3.0)
    adamantium (0.2.0)
      ice_nine (~> 0.11.0)
      memoizable (~> 0.4.0)
    addressable (2.3.8)
    airbrake (5.1.0)
      airbrake-ruby (~> 1.1)
    airbrake-ruby (1.1.0)
    anima (0.3.0)
      abstract_type (~> 0.0.7)
      adamantium (~> 0.2)
      equalizer (~> 0.0.11)
    annotate (2.6.10)
      activerecord (>= 3.2, <= 4.3)
      rake (~> 10.4)
    arel (6.0.4)
    ast (2.3.0)
    attribute-defaults (0.6.0)
      activerecord (>= 3.0.0)
    autoprefixer-rails (8.6.3)
      execjs
    awesome_nested_set (3.0.3)
      activerecord (>= 4.0.0, < 5)
    aws-partitions (1.77.0)
    aws-sdk (1.67.0)
      aws-sdk-v1 (= 1.67.0)
    aws-sdk-core (3.19.0)
      aws-partitions (~> 1.0)
      aws-sigv4 (~> 1.0)
      jmespath (~> 1.0)
    aws-sdk-kms (1.5.0)
      aws-sdk-core (~> 3)
      aws-sigv4 (~> 1.0)
    aws-sdk-s3 (1.9.0)
      aws-sdk-core (~> 3)
      aws-sdk-kms (~> 1)
      aws-sigv4 (~> 1.0)
    aws-sdk-v1 (1.67.0)
      json (~> 1.4)
      nokogiri (~> 1)
    aws-sigv4 (1.0.2)
    axlsx (2.0.1)
      htmlentities (~> 4.3.1)
      nokogiri (>= 1.4.1)
      rubyzip (~> 1.0.0)
    bcrypt (3.1.10)
    better_errors (2.4.0)
      coderay (>= 1.0.0)
      erubi (>= 1.0.0)
      rack (>= 0.9.0)
    binding_of_caller (0.7.2)
      debug_inspector (>= 0.0.1)
    bootstrap-sass (3.3.7)
      autoprefixer-rails (>= 5.2.1)
      sass (>= 3.3.4)
    bson (1.12.5)
    bson_ext (1.12.5)
      bson (~> 1.12.5)
    builder (3.2.3)
    byebug (8.2.2)
    callsite (0.0.11)
    camertron-eprun (1.1.1)
    cancancan (1.10.1)
    canonical-rails (0.0.11)
      rails (>= 3.1, < 5.0)
    capybara (2.6.2)
      addressable
      mime-types (>= 1.16)
      nokogiri (>= 1.3.3)
      rack (>= 1.0.0)
      rack-test (>= 0.5.4)
      xpath (~> 2.0)
    capybara-screenshot (1.0.11)
      capybara (>= 1.0, < 3)
      launchy
    carmen (1.0.2)
      activesupport (>= 3.0.0)
    chronic (0.10.2)
    ckeditor (4.2.4)
      cocaine
      orm_adapter (~> 0.5.0)
    cldr-plurals-runtime-rb (1.0.1)
    cli (1.3.1)
    climate_control (0.0.3)
      activesupport (>= 3.0)
    cliver (0.3.2)
    cocaine (0.5.7)
      climate_control (>= 0.0.3, < 1.0)
    cocoon (1.2.6)
    coderay (1.1.0)
    coffee-rails (4.1.0)
      coffee-script (>= 2.2.0)
      railties (>= 4.0.0, < 5.0)
    coffee-script (2.4.1)
      coffee-script-source
      execjs
    coffee-script-source (1.9.1.1)
    colorize (0.7.7)
    combine_pdf (0.2.16)
      ruby-rc4 (>= 0.1.5)
    concord (0.1.5)
      adamantium (~> 0.2.0)
      equalizer (~> 0.0.9)
    concurrent-ruby (1.0.5)
    connection_pool (2.2.1)
    crack (0.4.3)
      safe_yaml (~> 1.0.0)
    crass (1.0.4)
    css_parser (1.6.0)
      addressable
    database_cleaner (1.5.1)
    debug_inspector (0.0.2)
    deface (1.0.2)
      colorize (>= 0.5.8)
      nokogiri (~> 1.6.0)
      polyglot
      rails (>= 3.1)
    devise (3.4.1)
      bcrypt (~> 3.0)
      orm_adapter (~> 0.1)
      railties (>= 3.2.6, < 5)
      responders
      thread_safe (~> 0.1)
      warden (~> 1.2.3)
    devise-encryptable (0.1.2)
      devise (>= 2.1.0)
    diff-lcs (1.3)
    diffy (3.0.7)
    docile (1.1.5)
    effective_datatables (3.4.4)
      coffee-rails
      effective_resources (>= 0.7.0)
      rails (>= 3.2.0)
      sass-rails
      simple_form
    effective_resources (0.9.4)
      rails (>= 4.0.0)
    email_spec (2.0.0)
      htmlentities (~> 4.3.3)
      launchy (~> 2.1)
      mail (~> 2.6.3)
    enumerize (2.2.1)
      activesupport (>= 3.2)
    equalizer (0.0.11)
    erubi (1.7.0)
    erubis (2.7.0)
    et-orbi (1.0.8)
      tzinfo
    execjs (2.6.0)
    factory_girl (4.5.0)
      activesupport (>= 3.0.0)
    factory_girl_rails (4.5.0)
      factory_girl (~> 4.5.0)
      railties (>= 3.0.0)
    faraday (0.9.2)
      multipart-post (>= 1.2, < 3)
    ffaker (1.32.1)
    ffi (1.9.25)
    figaro (1.0.0)
      thor (~> 0.14)
    foreman (0.82.0)
      thor (~> 0.19.1)
    friendly_id (5.1.0)
      activerecord (>= 4.0.0)
    git-version-bump (0.15.1)
    globalid (0.4.1)
      activesupport (>= 4.2.0)
    haml (5.0.4)
      temple (>= 0.8.0)
      tilt
    haml-rails (1.0.0)
      actionpack (>= 4.0.1)
      activesupport (>= 4.0.1)
      haml (>= 4.0.6, < 6.0)
      html2haml (>= 1.0.1)
      railties (>= 4.0.1)
    highcharts-rails (4.2.3)
      railties (>= 3.1)
    highline (1.6.21)
    html2haml (2.2.0)
      erubis (~> 2.7.0)
      haml (>= 4.0, < 6)
      nokogiri (>= 1.6.0)
      ruby_parser (~> 3.5)
    htmlentities (4.3.4)
    httparty (0.15.6)
      multi_xml (>= 0.5.2)
    httplog (0.99.3)
      colorize
      rack
    i18n (0.9.5)
      concurrent-ruby (~> 1.0)
    ice_nine (0.11.2)
    jbuilder (2.3.2)
      activesupport (>= 3.0.0, < 5)
      multi_json (~> 1.2)
    jmespath (1.4.0)
    jquery-rails (4.0.5)
      rails-dom-testing (~> 1.0)
      railties (>= 4.2.0)
      thor (>= 0.14, < 2.0)
    jquery-ui-rails (5.0.5)
      railties (>= 3.2.16)
    json (1.8.6)
    jwt (1.5.1)
    kaminari (0.17.0)
      actionpack (>= 3.0.0)
      activesupport (>= 3.0.0)
    launchy (2.4.3)
      addressable (~> 2.3)
    letter_opener (1.4.1)
      launchy (~> 2.2)
    liquid (3.0.6)
    logger-application (0.0.2)
    loofah (2.2.2)
      crass (~> 1.0.2)
      nokogiri (>= 1.5.9)
    mail (2.6.6)
      mime-types (>= 1.16, < 4)
    memoizable (0.4.2)
      thread_safe (~> 0.3, >= 0.3.1)
    meta_request (0.4.2)
      callsite (~> 0.0, >= 0.0.11)
      rack-contrib (~> 1.1)
      railties (>= 3.0.0, < 5.2.0)
    method_source (0.8.2)
    mime-types (3.2.2)
      mime-types-data (~> 3.2015)
    mime-types-data (3.2018.0812)
    mini_portile2 (2.1.0)
    minitest (5.11.3)
    monetize (1.3.1)
      money (~> 6.6)
    money (6.13.1)
      i18n (>= 0.6.4, <= 2)
    morpher (0.2.6)
      abstract_type (~> 0.0.7)
      adamantium (~> 0.2.0)
      anima (~> 0.3.0)
      ast (~> 2.2)
      concord (~> 0.1.5)
      equalizer (~> 0.0.9)
      ice_nine (~> 0.11.0)
      procto (~> 0.0.2)
    multi_json (1.13.1)
    multi_xml (0.5.5)
    multipart-post (2.0.0)
    mutant (0.8.13)
      abstract_type (~> 0.0.7)
      adamantium (~> 0.2.0)
      anima (~> 0.3.0)
      ast (~> 2.2)
      concord (~> 0.1.5)
      diff-lcs (~> 1.2)
      equalizer (~> 0.0.9)
      ice_nine (~> 0.11.1)
      memoizable (~> 0.4.2)
      morpher (~> 0.2.6)
      parallel (~> 1.3)
      parser (~> 2.3.1, >= 2.3.1.4)
      procto (~> 0.0.2)
      regexp_parser (~> 0.4.1)
      unparser (~> 0.2.5)
    mutant-rspec (0.8.13)
      mutant (~> 0.8.13)
      rspec-core (>= 3.4.0, < 3.7.0)
    newrelic_rpm (3.15.0.314)
    nokogiri (1.6.8.1)
      mini_portile2 (~> 2.1.0)
    nori (2.4.0)
    oauth (0.4.7)
    oauth-plugin (0.5.1)
      multi_json
      oauth (~> 0.4.4)
      oauth2 (>= 0.5.0)
      rack
    oauth2 (1.1.0)
      faraday (>= 0.8, < 0.10)
      jwt (~> 1.0, < 1.5.2)
      multi_json (~> 1.3)
      multi_xml (~> 0.5)
      rack (>= 1.2, < 3)
    orm_adapter (0.5.0)
    paper_trail (8.1.2)
      activerecord (>= 4.2, < 5.2)
      request_store (~> 1.1)
    paperclip (4.2.4)
      activemodel (>= 3.2.0)
      activesupport (>= 3.2.0)
      cocaine (~> 0.5.5)
      mime-types
    parallel (1.11.2)
    paranoia (2.1.5)
      activerecord (~> 4.0)
    parser (2.3.3.1)
      ast (~> 2.2)
    pdf-core (0.2.5)
    pg (0.18.3)
    phantomjs (2.1.1.0)
    poltergeist (1.9.0)
      capybara (~> 2.1)
      cliver (~> 0.3.1)
      multi_json (~> 1.0)
      websocket-driver (>= 0.2.0)
    polyamorous (1.3.3)
      activerecord (>= 3.0)
    polyglot (0.3.5)
    prawn (1.0.0)
      pdf-core (~> 0.2.2)
      ttfunk (~> 1.1.1)
    prawn_rails (0.0.11)
      prawn (>= 0.11.1)
      railties (>= 3.0.0)
    premailer (1.11.1)
      addressable
      css_parser (>= 1.6.0)
      htmlentities (>= 4.0.0)
    premailer-rails (1.10.2)
      actionmailer (>= 3, < 6)
      premailer (~> 1.7, >= 1.7.9)
    procto (0.0.3)
    pry (0.10.3)
      coderay (~> 1.1.0)
      method_source (~> 0.8.1)
      slop (~> 3.4)
    pry-rails (0.3.4)
      pry (>= 0.9.10)
    puma (2.5.1)
      rack (>= 1.1, < 2.0)
    quantified (1.0.1)
    rabl (0.11.6)
      activesupport (>= 2.3.14)
    rack (1.6.10)
    rack-contrib (1.4.0)
      git-version-bump (~> 0.15)
      rack (~> 1.4)
    rack-cors (0.4.0)
    rack-protection (1.5.3)
      rack
    rack-test (0.6.3)
      rack (>= 1.0)
    rails (4.2.9)
      actionmailer (= 4.2.9)
      actionpack (= 4.2.9)
      actionview (= 4.2.9)
      activejob (= 4.2.9)
      activemodel (= 4.2.9)
      activerecord (= 4.2.9)
      activesupport (= 4.2.9)
      bundler (>= 1.3.0, < 2.0)
      railties (= 4.2.9)
      sprockets-rails
    rails-deprecated_sanitizer (1.0.3)
      activesupport (>= 4.2.0.alpha)
    rails-dom-testing (1.0.9)
      activesupport (>= 4.2.0, < 5.0)
      nokogiri (~> 1.6)
      rails-deprecated_sanitizer (>= 1.0.1)
    rails-html-sanitizer (1.0.4)
      loofah (~> 2.2, >= 2.2.2)
    rails_12factor (0.0.3)
      rails_serve_static_assets
      rails_stdout_logging
    rails_autolink (1.1.6)
      rails (> 3.1)
    rails_serve_static_assets (0.0.4)
    rails_stdout_logging (0.0.4)
    railties (4.2.9)
      actionpack (= 4.2.9)
      activesupport (= 4.2.9)
      rake (>= 0.8.7)
      thor (>= 0.18.1, < 2.0)
    rake (10.5.0)
    ransack (1.4.1)
      actionpack (>= 3.0)
      activerecord (>= 3.0)
      activesupport (>= 3.0)
      i18n
      polyamorous (~> 1.1)
    rb-fsevent (0.10.3)
    rb-inotify (0.9.10)
      ffi (>= 0.5.0, < 2)
    rdoc (4.3.0)
    redis (3.3.3)
    regexp_parser (0.4.3)
    request_store (1.4.1)
      rack (>= 1.4)
    responders (2.1.0)
      railties (>= 4.2.0, < 5)
    roxml (3.3.1)
      activesupport (>= 2.3.0)
      nokogiri (>= 1.3.3)
    rspec-activemodel-mocks (1.0.3)
      activemodel (>= 3.0)
      activesupport (>= 3.0)
      rspec-mocks (>= 2.99, < 4.0)
    rspec-collection_matchers (1.1.2)
      rspec-expectations (>= 2.99.0.beta1)
    rspec-core (3.6.0)
      rspec-support (~> 3.6.0)
    rspec-expectations (3.6.0)
      diff-lcs (>= 1.2.0, < 2.0)
      rspec-support (~> 3.6.0)
    rspec-its (1.2.0)
      rspec-core (>= 3.0.0)
      rspec-expectations (>= 3.0.0)
    rspec-mocks (3.6.0)
      diff-lcs (>= 1.2.0, < 2.0)
      rspec-support (~> 3.6.0)
    rspec-rails (3.6.0)
      actionpack (>= 3.0)
      activesupport (>= 3.0)
      railties (>= 3.0)
      rspec-core (~> 3.6.0)
      rspec-expectations (~> 3.6.0)
      rspec-mocks (~> 3.6.0)
      rspec-support (~> 3.6.0)
    rspec-sidekiq (3.0.3)
      rspec-core (~> 3.0, >= 3.0.0)
      sidekiq (>= 2.4.0)
    rspec-support (3.6.0)
    rspec_junit_formatter (0.2.3)
      builder (< 4)
      rspec-core (>= 2, < 4, != 2.12.0)
    ruby-measurement (1.2.3)
    ruby-rc4 (0.1.5)
    ruby_parser (3.11.0)
      sexp_processor (~> 4.9)
    rubyzip (1.0.0)
    rufus-scheduler (3.4.2)
      et-orbi (~> 1.0)
    safe_yaml (1.0.4)
    sanitize_email (1.1.7)
    sass (3.5.6)
      sass-listen (~> 4.0.0)
    sass-listen (4.0.0)
      rb-fsevent (~> 0.9, >= 0.9.4)
      rb-inotify (~> 0.9, >= 0.9.7)
    sass-rails (5.0.7)
      railties (>= 4.0.0, < 6)
      sass (~> 3.1)
      sprockets (>= 2.8, < 4.0)
      sprockets-rails (>= 2.0, < 4.0)
      tilt (>= 1.1, < 3)
    sdoc (0.4.1)
      json (~> 1.7, >= 1.7.7)
      rdoc (~> 4.0)
    select2-rails (3.5.9.1)
      thor (~> 0.14)
    sexp_processor (4.11.0)
    shoulda-callback-matchers (1.1.3)
      activesupport (>= 3)
    shoulda-matchers (3.1.1)
      activesupport (>= 4.0.0)
    sidekiq (5.0.4)
      concurrent-ruby (~> 1.0)
      connection_pool (~> 2.2, >= 2.2.0)
      rack-protection (>= 1.5.0)
      redis (~> 3.3, >= 3.3.3)
    sidekiq-client-cli (0.1.7)
      cli
      sidekiq (>= 2.15)
    sidekiq-limit_fetch (3.4.0)
      sidekiq (>= 4)
    sidekiq-unique-jobs (5.0.10)
      sidekiq (>= 4.0, <= 6.0)
      thor (~> 0)
    simple_form (3.2.0)
      actionpack (~> 4.0)
      activemodel (~> 4.0)
    simplecov (0.11.2)
      docile (~> 1.1.0)
      json (~> 1.8)
      simplecov-html (~> 0.10.0)
    simplecov-html (0.10.0)
    sinatra (1.4.6)
      rack (~> 1.4)
      rack-protection (~> 1.4)
      tilt (>= 1.3, < 3)
    slop (3.6.0)
    smarter_csv (1.1.0)
    soap4r-ruby1.9 (2.0.5)
    spring (1.4.0)
    spring-commands-rspec (1.0.4)
      spring (>= 0.9.1)
    sprockets (3.7.2)
      concurrent-ruby (~> 1.0)
      rack (> 1, < 3)
    sprockets-rails (3.2.1)
      actionpack (>= 4.0)
      activesupport (>= 4.0)
      sprockets (>= 3.0.0)
    state_machines (0.5.0)
    state_machines-activemodel (0.5.1)
      activemodel (>= 4.1, < 6.0)
      state_machines (>= 0.5.0)
    state_machines-activerecord (0.5.1)
      activerecord (>= 4.1, < 6.0)
      state_machines-activemodel (>= 0.5.0)
    stringex (2.8.4)
    stripe (3.3.2)
      faraday (~> 0.9)
    temple (0.8.0)
    test_after_commit (1.1.0)
      activerecord (>= 3.2)
    thor (0.19.4)
    thread_safe (0.3.6)
    tilt (2.0.8)
    timecop (0.8.0)
    truncate_html (0.9.2)
    ttfunk (1.1.1)
    turbolinks (5.0.0.beta2)
      turbolinks-source
    turbolinks-source (5.0.0.beta3)
    twitter_cldr (3.5.0)
      camertron-eprun
      cldr-plurals-runtime-rb (~> 1.0.0)
      tzinfo
    tzinfo (1.2.5)
      thread_safe (~> 0.1)
    uglifier (2.7.2)
      execjs (>= 0.3.0)
      json (>= 1.8.0)
    unparser (0.2.6)
      abstract_type (~> 0.0.7)
      adamantium (~> 0.2.0)
      concord (~> 0.1.5)
      diff-lcs (~> 1.3)
      equalizer (~> 0.0.9)
      parser (>= 2.3.1.2, < 2.5)
      procto (~> 0.0.2)
    versioncake (2.3.1)
      actionpack (>= 3.2)
      activesupport (>= 3.2)
      railties (>= 3.2)
      tzinfo
    warden (1.2.3)
      rack (>= 1.0)
    wash_out (0.9.0)
      nori (>= 2.0.0)
    web-console (2.2.1)
      activemodel (>= 4.0)
      binding_of_caller (>= 0.7.2)
      railties (>= 4.0)
      sprockets-rails (>= 2.0, < 4.0)
    webmock (1.8.11)
      addressable (>= 2.2.7)
      crack (>= 0.1.7)
    websocket-driver (0.6.3)
      websocket-extensions (>= 0.1.0)
    websocket-extensions (0.1.2)
    whenever (0.9.4)
      chronic (>= 0.6.3)
    with_model (1.2.1)
      activerecord (>= 3.0)
    xpath (2.0.0)
      nokogiri (~> 1.3)

PLATFORMS
  ruby

DEPENDENCIES
  activerecord4-redshift-adapter (~> 0.2.0)
  airbrake (~> 5.0)
  ajax-datatables-rails!
  annotate
  attribute-defaults
  aws-sdk (< 2.0)
  aws-sdk-s3
  axlsx
  better_errors
  binding_of_caller
  byebug
  capybara (~> 2.4)
  capybara-screenshot (~> 1.0.11)
  ckeditor
  cocoon
  coffee-rails (~> 4.1.0)
  combine_pdf
  commontator!
  database_cleaner (~> 1.3)
  diffy
  effective_datatables (= 3.4.4)
  email_spec
  enumerize
  factory_girl_rails (~> 4.5.0)
  ffaker
  figaro
  foreman
  haml-rails (~> 1.0)
  highcharts-rails
  httplog
  hub_samples!
  jbuilder (~> 2.0)
  jquery-rails
  launchy
  letter_opener
  liquid (~> 3.0, < 4)
  logger-application
  meta_request
  money (~> 6.13.0)
  mutant-rspec (~> 0.8.0)
  newrelic_rpm
  oauth-plugin
  paper_trail
  paperclip
  pg (~> 0.18.3)
  phantomjs (= 2.1.1)
  poltergeist (= 1.9.0)
  prawn
  prawn_rails
  pry-rails
  puma (< 2.6.0)
  quickbooks-ruby!
  rabl
  rack-cors
  rails (= 4.2.9)
  rails_12factor
  rails_autolink (~> 1.1, >= 1.1.6)
  rspec-activemodel-mocks (~> 1.0.2)
  rspec-collection_matchers
  rspec-its
  rspec-rails (~> 3.5)
  rspec-sidekiq
  rspec_junit_formatter
  ruby-measurement
  rufus-scheduler
  sanitize_email
  sass-rails (~> 5.0)
  sdoc (~> 0.4.0)
  secondbase!
  shoulda-callback-matchers (~> 1.1.1)
  shoulda-matchers (~> 3.1)
  sidekiq
  sidekiq-client-cli
  sidekiq-limit_fetch
  sidekiq-unique-jobs
  simple_form
  simplecov
  sinatra
  smarter_csv
  soap4r-ruby1.9
  spree!
  spree_active_shipping!
  spree_auth_devise!
  spree_gateway!
  spree_product_assembly!
  spree_static_content!
  spree_wombat!
  spring-commands-rspec
  stripe
  test_after_commit
  timecop
  turbolinks (~> 5.0.0.beta)
  twitter_cldr (~> 3.5.0)
  uglifier (>= 1.3.0)
  wash_out (= 0.9.0)
  web-console (~> 2.0)
  webmock (= 1.8.11)
  whenever
  with_model

RUBY VERSION
   ruby 2.4.4p296

BUNDLED WITH
   1.16.5
